GEM
  remote: https://rubygems.org/
  specs:
    activerecord (2.3.14)
      activesupport (= 2.3.14)
    activesupport (2.3.14)
    builder (3.1.3)
    daemons (1.1.9)
    eventmachine (1.2.7)
    haml (3.1.7)
    jwt (0.1.5)
      multi_json (>= 1.0)
    multi_json (1.3.6)
    pg (0.14.1)
    rack (1.4.1)
    rack-protection (1.2.0)
      rack
    sinatra (1.3.3)
      rack (~> 1.3, >= 1.3.6)
      rack-protection (~> 1.2)
      tilt (~> 1.3, >= 1.3.3)
    sinatra-activerecord (0.1.3)
      sinatra (>= 0.9.4)
    sqlite3 (1.4.2)
    thin (1.4.1)
      daemons (>= 1.0.9)
      eventmachine (>= 0.12.6)
      rack (>= 1.0.0)
    tilt (1.3.3)
    twilio-ruby (3.8.0)
      builder (>= 2.1.2)
      jwt (>= 0.1.2)
      multi_json (>= 1.3.0)

PLATFORMS
  ruby

DEPENDENCIES
  activerecord
  builder
  haml
  pg
  sinatra
  sinatra-activerecord
  sqlite3
  thin
  twilio-ruby

BUNDLED WITH
   2.0.2
